GEM
  remote: https://rubygems.org/
  specs:
    Ascii85 (1.0.2)
    addressable (2.3.2)
    coffee-script (2.2.0)
      coffee-script-source
      execjs
    coffee-script-source (1.3.3)
    execjs (1.4.0)
      multi_json (~> 1.0)
    faraday (0.8.4)
      multipart-post (~> 1.1)
    faraday_middleware (0.8.8)
      faraday (>= 0.7.4, < 0.9)
    haml (3.1.7)
    handlebars_assets (0.6.6)
      execjs (>= 1.2.9)
      sprockets (>= 2.0.3)
      tilt
    hashery (2.0.1)
    hashie (1.2.0)
    hike (1.2.1)
    libv8 (3.3.10.4)
    multi_json (1.3.6)
    multipart-post (1.1.5)
    octokit (1.15.1)
      addressable (~> 2.2)
      faraday (~> 0.8)
      faraday_middleware (~> 0.8)
      hashie (~> 1.2)
      multi_json (~> 1.3)
    pdf-reader (1.2.0)
      Ascii85 (~> 1.0.0)
      hashery (~> 2.0)
      ruby-rc4
    prawn (0.12.0)
      pdf-reader (>= 0.9.0)
      ttfunk (~> 1.0.2)
    rack (1.4.1)
    rack-protection (1.2.0)
      rack
    rake (0.9.2.2)
    ruby-rc4 (0.1.5)
    sinatra (1.3.3)
      rack (~> 1.3, >= 1.3.6)
      rack-protection (~> 1.2)
      tilt (~> 1.3, >= 1.3.3)
    sprockets (2.6.0)
      hike (~> 1.2)
      multi_json (~> 1.0)
      rack (~> 1.0)
      tilt (~> 1.1, != 1.3.0)
    therubyracer (0.10.2)
      libv8 (~> 3.3.10)
    tilt (1.3.3)
    ttfunk (1.0.3)

PLATFORMS
  ruby

DEPENDENCIES
  coffee-script
  haml
  handlebars_assets
  octokit
  prawn
  rake
  sinatra
  sprockets
  therubyracer
